PATH
  remote: /Users/orta/dev/ruby/Rainforest/CLAide
  specs:
    claide (0.6.1)

PATH
  remote: /Users/orta/dev/ruby/Rainforest/CocoaPods
  specs:
    cocoapods (0.33.1)
      activesupport (>= 3.2.15, < 4)
      claide (~> 0.6.1)
      cocoapods-core (= 0.33.1)
      cocoapods-downloader (~> 0.6.1)
      cocoapods-plugins (~> 0.2.0)
      cocoapods-trunk (~> 0.1.4)
      cocoapods-try (~> 0.3.0)
      colored (~> 1.2)
      escape (~> 0.0.4)
      json_pure (~> 1.8)
      nap (~> 0.8)
      open4 (~> 1.3)
      xcodeproj (~> 0.18.0)

PATH
  remote: /Users/orta/dev/ruby/Rainforest/Core
  specs:
    cocoapods-core (0.33.1)
      activesupport (>= 3.2.15)
      fuzzy_match (~> 2.0.4)
      json_pure (~> 1.8)
      nap (~> 0.8.0)

PATH
  remote: /Users/orta/dev/ruby/Rainforest/xcodeproj
  specs:
    xcodeproj (0.18.0)
      CFPropertyList (~> 2.2)
      activesupport (~> 3.0)
      colored (~> 1.2)

PATH
  remote: /Users/orta/dev/ruby/cocoapods-keys
  specs:
    cocoapods-keys (0.5.2)
      osx_keychain

GEM
  specs:
    CFPropertyList (2.2.8)
    RubyInline (3.12.3)
      ZenTest (~> 4.3)
    ZenTest (4.10.1)
    activesupport (3.2.19)
      i18n (~> 0.6, >= 0.6.4)
      multi_json (~> 1.0)
    cocoapods-downloader (0.6.1)
    cocoapods-plugins (0.2.0)
      nap
    cocoapods-trunk (0.1.4)
      json_pure (~> 1.8)
      nap (>= 0.6)
      netrc
    cocoapods-try (0.3.0)
    colored (1.2)
    escape (0.0.4)
    fuzzy_match (2.0.4)
    i18n (0.6.11)
    json_pure (1.8.1)
    multi_json (1.10.1)
    nap (0.8.0)
    netrc (0.7.7)
    open4 (1.3.4)
    osx_keychain (1.0.0)
      RubyInline (~> 3)

PLATFORMS
  ruby

DEPENDENCIES
  claide!
  cocoapods!
  cocoapods-core!
  cocoapods-keys!
  xcodeproj!
